GEM
  remote: https://rubygems.org/
  specs:
    json_pure (1.7.7)
    logger (1.2.8)
    nokogiri (1.5.9)
    psych (1.3.4)

PLATFORMS
  ruby

DEPENDENCIES
  json_pure
  logger
  nokogiri
  psych
